GEM
  remote: https://rubygems.org/
  specs:
    mini_portile2 (2.4.0)
    nokogiri (1.10.4)
      mini_portile2 (~> 2.4.0)
    petrinet (0.1.0)
      nokogiri (~> 1.10.4)

PLATFORMS
  ruby

DEPENDENCIES
  petrinet

BUNDLED WITH
   2.0.2
